GEM
  remote: https://rubygems.org/
  specs:
    archive-zip (0.11.0)
      io-like (~> 0.3.0)
    childprocess (0.9.0)
      ffi (~> 1.0, >= 1.0.11)
    chromedriver-helper (1.2.0)
      archive-zip (~> 0.10)
      nokogiri (~> 1.8)
    concurrent-ruby (1.0.5)
    data_magic (1.1)
      faker (>= 1.1.2)
      yml_reader (>= 0.6)
    facets (3.1.0)
    faker (1.8.7)
      i18n (>= 0.7)
    ffi (1.9.23)
    i18n (1.0.1)
      concurrent-ruby (~> 1.0)
    io-like (0.3.0)
    json (2.1.0)
    mini_portile2 (2.3.0)
    minitest (4.3.3)
    nokogiri (1.8.2)
      mini_portile2 (~> 2.3.0)
    page-object (2.2.4)
      page_navigation (>= 0.10)
      selenium-webdriver (~> 3.0)
      watir (~> 6.8)
    page_navigation (0.10)
      data_magic (>= 0.22)
    perfect-random-number-generator (1.0.3)
    psych (2.2.4)
    random-word (1.3.0)
    rubyzip (1.2.1)
    selenium-webdriver (3.12.0)
      childprocess (~> 0.5)
      rubyzip (~> 1.2)
    watir (6.10.3)
      selenium-webdriver (~> 3.4, >= 3.4.1)
    watir-dom-wait (0.3.3)
      watir (>= 6.4)
    watir-scroll (0.4.0)
      watir (>= 6.0)
    webdriver-user-agent (7.4)
      facets
      json
      psych
      selenium-webdriver
    yml_reader (0.7)

PLATFORMS
  ruby

DEPENDENCIES
  chromedriver-helper
  faker (= 1.8.7)
  io-like (= 0.3.0)
  minitest (= 4.3.3)
  page-object
  perfect-random-number-generator (= 1.0.3)
  random-word (= 1.3.0)
  selenium-webdriver
  watir
  watir-dom-wait
  watir-scroll
  webdriver-user-agent

BUNDLED WITH
   1.16.1
